RUBY VERSION
   ruby 3.2.2p0

GEM
  remote: https://rubygems.org/
  specs:
    actioncable (6.1.3.2)
      actionpack (= 6.1.3.2)
      activesupport (= 6.1.3.2)
      nio4r (~> 2.0)
      websocket-driver (>= 0.6.1)
    actionmailbox (6.1.3.2)
      actionpack (= 6.1.3.2)
      activejob (= 6.1.3.2)
      activerecord (= 6.1.3.2)
      activestorage (= 6.1.3.2)
      activesupport (= 6.1.3.2)
      mail (>= 2.7.1)
    actionmailer (6.1.3.2)
      actionpack (= 6.1.3.2)
      actionview (= 6.1.3.2)
      activejob (= 6.1.3.2)
      activesupport (= 6.1.3.2)
      mail (~> 2.5, >= 2.5.4)
      rails-dom-testing (~> 2.0)
    actionpack (6.1.3.2)
      actionview (= 6.1.3.2)
      activesupport (= 6.1.3.2)
      rack (~> 2.0, >= 2.0.9)
      rack-test (>= 0.6.3)
      rails-dom-testing (~> 2.0)
      rails-html-sanitizer (~> 1.0, >= 1.2.0)
    # ... keep all other gem specs the same ...
PLATFORMS
  ruby

DEPENDENCIES
  active_model_serializers (~> 0.10.12)
  bcrypt (~> 3.1.17)      # optional upgrade for Ruby 3.x
  bootsnap (>= 1.7.5)
  byebug
  listen (~> 3.3)
  pg (~> 1.2)             # upgrade for Ruby 3.x
  puma (~> 5.0)
  rack-cors
  rails (~> 6.1.3, >= 6.1.3.2)
  rspec-json_expectations
  rspec-rails (~> 5.0.0)
  shoulda-matchers (~> 4.0)
  spring
  tzinfo-data

BUNDLED WITH
   2.4.25                 # update Bundler to latest compatible
